PATH
  remote: .
  specs:
    ad_manager (0.1.0)

GEM
  remote: https://rubygems.org/
  specs:
    ast (2.4.2)
    atk (4.2.1)
      glib2 (= 4.2.1)
    cairo (1.17.13)
      native-package-installer (>= 1.0.3)
      pkg-config (>= 1.2.2)
      red-colors
    cairo-gobject (4.2.1)
      cairo (>= 1.16.2)
      glib2 (= 4.2.1)
    concurrent-ruby (1.2.3)
    ffi (1.17.0-x64-mingw-ucrt)
    fiddle (1.1.1)
    gdk3 (4.2.1)
      cairo-gobject (= 4.2.1)
      gdk_pixbuf2 (= 4.2.1)
      pango (= 4.2.1)
    gdk_pixbuf2 (4.2.1)
      gio2 (= 4.2.1)
    gio2 (4.2.1)
      fiddle
      gobject-introspection (= 4.2.1)
    glib2 (4.2.1)
      native-package-installer (>= 1.0.3)
      pkg-config (>= 1.3.5)
    gobject-introspection (4.2.1)
      glib2 (= 4.2.1)
    gtk3 (4.2.1)
      atk (= 4.2.1)
      gdk3 (= 4.2.1)
    i18n (1.14.4)
      concurrent-ruby (~> 1.0)
    json (2.7.1)
    language_server-protocol (3.17.0.3)
    lint_roller (1.1.0)
    matrix (0.4.2)
    minitest (5.20.0)
    native-package-installer (1.1.9)
    ostruct (0.6.0)
    pango (4.2.1)
      cairo-gobject (= 4.2.1)
      gobject-introspection (= 4.2.1)
    parallel (1.24.0)
    parser (3.2.2.4)
      ast (~> 2.4.1)
      racc
    pkg-config (1.5.6)
    racc (1.7.3)
    rainbow (3.1.1)
    rake (13.1.0)
    red-colors (0.4.0)
      json
      matrix
    regexp_parser (2.8.3)
    rexml (3.2.6)
    rubocop (1.57.2)
      json (~> 2.3)
      language_server-protocol (>= 3.17.0)
      parallel (~> 1.10)
      parser (>= 3.2.2.4)
      rainbow (>= 2.2.2, < 4.0)
      regexp_parser (>= 1.8, < 3.0)
      rexml (>= 3.2.5, < 4.0)
      rubocop-ast (>= 1.28.1, < 2.0)
      ruby-progressbar (~> 1.7)
      unicode-display_width (>= 2.4.0, < 3.0)
    rubocop-ast (1.30.0)
      parser (>= 3.2.1.0)
    rubocop-performance (1.19.1)
      rubocop (>= 1.7.0, < 2.0)
      rubocop-ast (>= 0.4.0)
    ruby-progressbar (1.13.0)
    sqlite3 (1.7.3-x64-mingw-ucrt)
    standard (1.32.1)
      language_server-protocol (~> 3.17.0.2)
      lint_roller (~> 1.0)
      rubocop (~> 1.57.2)
      standard-custom (~> 1.0.0)
      standard-performance (~> 1.2)
    standard-custom (1.0.2)
      lint_roller (~> 1.0)
      rubocop (~> 1.50)
    standard-performance (1.2.1)
      lint_roller (~> 1.1)
      rubocop-performance (~> 1.19.1)
    unicode-display_width (2.5.0)
    win32-sound (0.6.2)
      ffi

PLATFORMS
  x64-mingw-ucrt

DEPENDENCIES
  ad_manager!
  ffi
  gtk3
  i18n
  minitest (~> 5.16)
  ostruct
  rake (~> 13.0)
  sqlite3
  standard (~> 1.3)
  win32-sound (~> 0.6.2)

BUNDLED WITH
   2.5.6
